GEM
  remote: http://rubygems.org/
  remote: http://gems.github.com/
  remote: http://gemcutter.org/
  specs:
    ansi (1.2.2)
    facets (2.9.0)
    hpricot (0.8.3)
    rest-open-uri (1.0.0)
    turn (0.8.1)
      ansi (>= 1.2.2)

PLATFORMS
  ruby

DEPENDENCIES
  facets
  hpricot
  rest-open-uri
  turn
